GEM
  remote: http://rubygems.org/
  specs:
    growl (1.0.3)
    guard (0.6.3)
      thor (~> 0.14.6)
    rb-fsevent (0.4.1)
    thor (0.14.6)

PLATFORMS
  ruby

DEPENDENCIES
  growl
  guard
  rb-fsevent
